GEM
  remote: http://rubygems.org/
  specs:
    minitest (5.14.1)
    mustermann (1.1.1)
      ruby2_keywords (~> 0.0.1)
    nio4r (2.5.2)
    puma (4.3.5)
      nio4r (~> 2.0)
    rack (2.2.2)
    rack-protection (2.0.8.1)
      rack
    rake (13.0.1)
    ruby2_keywords (0.0.2)
    sinatra (2.0.8.1)
      mustermann (~> 1.0)
      rack (~> 2.0)
      rack-protection (= 2.0.8.1)
      tilt (~> 2.0)
    string-utility (3.0.0)
    tilt (2.0.10)

PLATFORMS
  ruby

DEPENDENCIES
  minitest (~> 5.14)
  puma (~> 4.3)
  rake (~> 13.0)
  sinatra (~> 2.0)
  string-utility (~> 3.0)

RUBY VERSION
   ruby 2.6.5p114

BUNDLED WITH
   2.1.4
